GEM
  remote: http://rubygems.org/
  specs:
    animate (0.1.alpha.0)
      compass (>= 0.13.alpha.0)
      sass (>= 3.2.0.alpha.95)
    breakpoint (1.1.1)
      compass (>= 0.12.1)
    chunky_png (1.2.6)
    compass (0.13.alpha.0)
      chunky_png (~> 1.2)
      fssm (>= 0.2.7)
      sass (~> 3.2.0.alpha.93)
    fssm (0.2.9)
    modular-scale (1.0.1)
      compass (>= 0.11.5)
      sassy-math (>= 1.2)
    sass (3.2.0.alpha.278)
    sassy-math (1.2)
      compass (~> 0.11)
    susy (1.0.rc.4)
      compass (>= 0.12.2)
      sass (>= 3.2.0.alpha.247)

PLATFORMS
  ruby

DEPENDENCIES
  animate (~> 0.1.alpha.0)
  breakpoint (~> 1.1.1)
  chunky_png (~> 1.2.6)
  compass (~> 0.13.alpha.0)
  modular-scale (~> 1.0.1)
  sass (~> 3.2.0.alpha.278)
  susy (~> 1.0.rc.4)
