GIT
  remote: git://github.com/chriseppstein/compass
  revision: 46ce00936862fb0ef1679a071a4df476363bcaab
  branch: master
  specs:
    compass (0.13.alpha.4.46ce009)
      chunky_png (~> 1.2)
      listen (~> 1.0.0)
      sass (~> 3.2.5)

GIT
  remote: git://github.com/ericam/accoutrement
  revision: baed94ddef58bac1f2f226996966d7725b7bc9e6
  branch: master
  specs:
    accoutrement (0.0.5)
      compass (>= 0.12.2)

GIT
  remote: git://github.com/ericam/compass-animate
  revision: 796dfdfa5eed4d4c2fd606de324636581b60af8b
  branch: master
  specs:
    animate (0.2.beta.0)
      compass (>= 0.13.alpha.0)
      sass (>= 3.2.0)

GIT
  remote: git://github.com/ericam/susy
  revision: 47cf7bb5447f2d01115ec5728e5b6694403528ae
  branch: master
  specs:
    susy (1.0.8)
      compass (>= 0.12.2)
      sass (>= 3.2.0)

GEM
  remote: http://rubygems.org/
  specs:
    breakpoint (1.3)
      compass (>= 0.12.1)
      sass (>= 3.2.0)
    chunky_png (1.2.8)
    ffi (1.8.1)
    listen (1.0.3)
      rb-fsevent (>= 0.9.3)
      rb-inotify (>= 0.9)
      rb-kqueue (>= 0.2)
    modular-scale (1.0.6)
      compass (>= 0.12.1)
      sass (>= 3.2.0)
      sassy-math (>= 1.5)
    oily_png (1.0.3)
      chunky_png (~> 1.2.1)
    rb-fsevent (0.9.3)
    rb-inotify (0.9.0)
      ffi (>= 0.5.0)
    rb-kqueue (0.2.0)
      ffi (>= 0.5.0)
    sass (3.2.8)
    sassy-math (1.5)
      compass (~> 0.11)

PLATFORMS
  ruby

DEPENDENCIES
  accoutrement!
  animate!
  breakpoint (~> 1.3)
  chunky_png (~> 1.2.6)
  compass!
  modular-scale (~> 1.0.2)
  oily_png (~> 1.0.2)
  rb-fsevent (~> 0.9.1)
  sass (~> 3.2.3)
  susy!
