GIT
  remote: git://github.com/chriseppstein/compass
  revision: 5d6aeeba963cd9f3dce8ed31d3553ea8e02f15f9
  branch: gradients
  specs:
    compass (0.13.alpha.2.5d6aeeb)
      chunky_png (~> 1.2)
      listen (~> 0.5.3)
      sass (~> 3.2.5)

GIT
  remote: git://github.com/ericam/accoutrement
  revision: 414be61f4b5fb366485db9813b91c2d6194b0ff8
  branch: master
  specs:
    accoutrement (0.0.4)
      compass (>= 0.12.2)

GIT
  remote: git://github.com/ericam/compass-animate
  revision: 796dfdfa5eed4d4c2fd606de324636581b60af8b
  branch: master
  specs:
    animate (0.2.beta.0)
      compass (>= 0.13.alpha.0)
      sass (>= 3.2.0)

GIT
  remote: git://github.com/ericam/susy
  revision: 68a84c65f2b78c577d7c42c83ead7f44020f3c84
  branch: master
  specs:
    susy (1.0.5)
      compass (>= 0.12.2)
      sass (>= 3.2.0)

GEM
  remote: http://rubygems.org/
  specs:
    breakpoint (1.3)
      compass (>= 0.12.1)
      sass (>= 3.2.0)
    chunky_png (1.2.7)
    listen (0.5.3)
    modular-scale (1.0.6)
      compass (>= 0.12.1)
      sass (>= 3.2.0)
      sassy-math (>= 1.5)
    oily_png (1.0.3)
      chunky_png (~> 1.2.1)
    rb-fsevent (0.9.3)
    sass (3.2.5)
    sassy-math (1.5)
      compass (~> 0.11)

PLATFORMS
  ruby

DEPENDENCIES
  accoutrement!
  animate!
  breakpoint (~> 1.3)
  chunky_png (~> 1.2.6)
  compass!
  modular-scale (~> 1.0.2)
  oily_png (~> 1.0.2)
  rb-fsevent (~> 0.9.1)
  sass (~> 3.2.3)
  susy!
