GIT
  remote: git://github.com/chriseppstein/compass
  revision: 7ff38d178cdfd167227dd7ed6bdbc028e9626a0e
  branch: master
  specs:
    compass (0.13.alpha.0.7ff38d1)
      chunky_png (~> 1.2)
      listen (~> 0.5.3)
      sass (~> 3.2.0.alpha.93)

GIT
  remote: git://github.com/ericam/accoutrement
  revision: a26cc19fe8ce1d3097f0ce2b900e647b681cf8f9
  branch: master
  specs:
    accoutrement (0.0.1)
      compass (>= 0.12.2)

GIT
  remote: git://github.com/ericam/compass-animate
  revision: 796dfdfa5eed4d4c2fd606de324636581b60af8b
  branch: master
  specs:
    animate (0.2.beta.0)
      compass (>= 0.13.alpha.0)
      sass (>= 3.2.0)

GIT
  remote: git://github.com/ericam/susy
  revision: 33a3417cafa250a6c6cdf425737f2df82328cf3a
  branch: master
  specs:
    susy (1.0.static.5)
      compass (>= 0.12.2)
      sass (>= 3.2.0)

GEM
  remote: http://rubygems.org/
  specs:
    breakpoint (1.3)
      compass (>= 0.12.1)
      sass (>= 3.2.0)
    chunky_png (1.2.6)
    listen (0.5.3)
    modular-scale (1.0.2)
      compass (>= 0.11.5)
      sassy-math (>= 1.2)
    oily_png (1.0.2)
      chunky_png (~> 1.2.1)
    rb-fsevent (0.9.2)
    sass (3.2.3)
    sassy-math (1.2)
      compass (~> 0.11)

PLATFORMS
  ruby

DEPENDENCIES
  accoutrement!
  animate!
  breakpoint (~> 1.3)
  chunky_png (~> 1.2.6)
  compass!
  modular-scale (~> 1.0.2)
  oily_png (~> 1.0.2)
  rb-fsevent (~> 0.9.1)
  sass (~> 3.2.3)
  susy!
