GEM
  remote: http://rubygems.org/
  specs:
    animate (0.2.beta.0)
      compass (>= 0.13.alpha.0)
      sass (>= 3.2.0)
    breakpoint (1.3)
      compass (>= 0.12.1)
      sass (>= 3.2.0)
    chunky_png (1.2.6)
    compass (0.13.alpha.0.9838999)
      chunky_png (~> 1.2)
      listen (~> 0.5.3)
      sass (~> 3.2.0.alpha.93)
    listen (0.5.3)
    modular-scale (1.0.2)
      compass (>= 0.11.5)
      sassy-math (>= 1.2)
    oily_png (1.0.2)
      chunky_png (~> 1.2.1)
    sass (3.2.2)
    sassy-math (1.2)
      compass (~> 0.11)
    susy (1.0.4)
      compass (>= 0.12.2)
      sass (>= 3.2.0)

PLATFORMS
  ruby

DEPENDENCIES
  animate (~> 0.2.alpha.0)
  breakpoint (~> 1.3)
  chunky_png (~> 1.2.6)
  compass (~> 0.13.alpha.0.9838999)
  modular-scale (~> 1.0.2)
  oily_png (~> 1.0.2)
  sass (~> 3.2.1)
  susy (~> 1.0.4)
