GEM
  remote: http://rubygems.org/
  specs:
    breakpoint (1.3)
      compass (>= 0.12.1)
      sass (>= 3.2.0)
    chunky_png (1.2.6)
    compass (0.12.2)
      chunky_png (~> 1.2)
      fssm (>= 0.2.7)
      sass (~> 3.1)
    fssm (0.2.9)
    modular-scale (1.0.2)
      compass (>= 0.11.5)
      sassy-math (>= 1.2)
    oily_png (1.0.2)
      chunky_png (~> 1.2.1)
    sass (3.2.1)
    sassy-math (1.2)
      compass (~> 0.11)
    susy (1.0.1)
      compass (>= 0.12.2)
      sass (>= 3.2.0)

PLATFORMS
  ruby

DEPENDENCIES
  breakpoint (~> 1.3)
  chunky_png (~> 1.2.6)
  modular-scale (~> 1.0.2)
  oily_png (~> 1.0.2)
  sass (~> 3.2.1)
  susy (~> 1.0)
