GEM
  remote: http://rubygems.org/
  specs:
    animate (0.1.alpha.0)
      compass (>= 0.13.alpha.0)
      sass (>= 3.2.0.alpha.95)
    chunky_png (1.2.5)
    compass (0.13.alpha.0)
      chunky_png (~> 1.2)
      fssm (>= 0.2.7)
      sass (~> 3.2.0.alpha.93)
    fssm (0.2.9)
    modular-scale (0.0.5)
      compass (>= 0.11.5)
    sass (3.2.0.alpha.275)
    susy (1.0.rc.3)
      compass (>= 0.12.2)
      sass (>= 3.2.0.alpha.247)

PLATFORMS
  ruby

DEPENDENCIES
  animate (~> 0.1.alpha.0)
  chunky_png (~> 1.2.5)
  compass (~> 0.13.alpha.0)
  modular-scale (~> 0.0.5)
  sass (~> 3.2.0.alpha.275)
  susy (~> 1.0.rc.3)
