PATH
  remote: ~/Sites/compass/
  specs:
    compass (0.13.alpha.1.d4db12f)
      chunky_png (~> 1.2)
      fssm (>= 0.2.7)
      sass (~> 3.2.0.alpha.93)

GEM
  remote: http://rubygems.org/
  specs:
    animate (0.2.beta.0)
      compass (>= 0.13.alpha.0)
      sass (>= 3.2.0)
    breakpoint (1.2)
      compass (>= 0.12.1)
      sass (>= 3.2.0)
    chunky_png (1.2.6)
    fssm (0.2.9)
    modular-scale (1.0.2)
      compass (>= 0.11.5)
      sassy-math (>= 1.2)
    sass (3.2.1)
    sassy-math (1.2)
      compass (~> 0.11)
    susy (1.0)
      compass (>= 0.12.2)
      sass (>= 3.2.0)

PLATFORMS
  ruby

DEPENDENCIES
  animate (~> 0.2.beta.0)
  breakpoint (~> 1.2)
  chunky_png (~> 1.2.6)
  compass (~> 0.13.alpha.1)!
  modular-scale (~> 1.0.2)
  sass (~> 3.2.1)
  susy (~> 1.0)
